GEM
  remote: https://rubygems.org/
  specs:
    activemodel (5.1.1)
      activesupport (= 5.1.1)
    activesupport (5.1.1)
      concurrent-ruby (~> 1.0, >= 1.0.2)
      i18n (~> 0.7)
      minitest (~> 5.1)
      tzinfo (~> 1.1)
    as-notifications (1.0.1)
    awesome_print (1.7.0)
    blockenspiel (0.5.0)
    concurrent-ruby (1.0.5)
    daemons (1.2.4)
    diff-lcs (1.3)
    disposable (0.0.4)
      representable (~> 1.8.1)
      uber
    enumerable-lazy (0.0.2)
    eventmachine (1.2.3)
    find_a_port (1.0.1)
    haml (5.0.1)
      temple (>= 0.8.0)
      tilt
    httparty (0.15.5)
      multi_xml (>= 0.5.2)
    i18n (0.8.1)
    json (2.1.0)
    mail (2.6.5)
      mime-types (>= 1.16, < 4)
    mime-types (2.99.3)
    mini_portile2 (2.1.0)
    minitest (5.10.2)
    moneta (0.8.1)
    multi_json (1.12.1)
    multi_xml (0.6.0)
    mustermann (1.0.0)
    mustermann19 (0.4.4)
      enumerable-lazy
    nokogiri (1.7.2)
      mini_portile2 (~> 2.1.0)
    pact (1.12.0)
      json (> 1.8.5)
      pact-mock_service (~> 2.0)
      pact-support (~> 1.0)
      rack-test (~> 0.6.2)
      randexp (~> 0.1.7)
      rspec (>= 2.14)
      term-ansicolor (~> 1.0)
      thor
      webrick
    pact-mock_service (2.1.0)
      find_a_port (~> 1.0.1)
      json
      pact-support (~> 1.0)
      rack
      rack-test (~> 0.6.2)
      rspec (>= 2.14)
      term-ansicolor (~> 1.0)
      thor
      webrick
    pact-support (1.0.1)
      awesome_print (~> 1.1)
      find_a_port (~> 1.0.1)
      json
      rack-test (~> 0.6.2)
      randexp (~> 0.1.7)
      rspec (>= 2.14)
      term-ansicolor (~> 1.0)
      thor
    pact_broker (1.3.1)
      haml
      httparty
      json
      pact (~> 1.3, >= 1.3.2)
      padrino (~> 0.12)
      rack
      redcarpet (~> 3.1)
      reform (~> 1.0)
      roar (~> 0.12.9)
      sequel (~> 4.12)
      versionomy (~> 0.4)
      webmachine (~> 1.2)
    padrino (0.14.1.1)
      padrino-admin (= 0.14.1.1)
      padrino-cache (= 0.14.1.1)
      padrino-core (= 0.14.1.1)
      padrino-gen (= 0.14.1.1)
      padrino-helpers (= 0.14.1.1)
      padrino-mailer (= 0.14.1.1)
      padrino-support (= 0.14.1.1)
    padrino-admin (0.14.1.1)
      padrino-core (= 0.14.1.1)
      padrino-helpers (= 0.14.1.1)
    padrino-cache (0.14.1.1)
      moneta (~> 0.8.0)
      padrino-core (= 0.14.1.1)
      padrino-helpers (= 0.14.1.1)
    padrino-core (0.14.1.1)
      mustermann19
      padrino-support (= 0.14.1.1)
      rack-protection (>= 1.5.0)
      sinatra (>= 1.4.6)
      thor (~> 0.18)
    padrino-gen (0.14.1.1)
      bundler (~> 1.0)
      padrino-core (= 0.14.1.1)
    padrino-helpers (0.14.1.1)
      i18n (~> 0.6, >= 0.6.7)
      padrino-support (= 0.14.1.1)
      tilt (>= 1.4.1, < 3)
    padrino-mailer (0.14.1.1)
      mail (~> 2.5)
      mime-types (< 3)
      padrino-core (= 0.14.1.1)
    padrino-support (0.14.1.1)
    pg (0.20.0)
    rack (2.0.3)
    rack-protection (2.0.0)
      rack
    rack-test (0.6.3)
      rack (>= 1.0)
    randexp (0.1.7)
    redcarpet (3.4.0)
    reform (1.0.4)
      activemodel
      disposable (~> 0.0.4)
      representable (~> 1.8.1)
      uber (~> 0.0.4)
    representable (1.8.5)
      multi_json
      nokogiri
      uber
    roar (0.12.9)
      representable (>= 1.6.0, < 2.0.0)
    rspec (3.6.0)
      rspec-core (~> 3.6.0)
      rspec-expectations (~> 3.6.0)
      rspec-mocks (~> 3.6.0)
    rspec-core (3.6.0)
      rspec-support (~> 3.6.0)
    rspec-expectations (3.6.0)
      diff-lcs (>= 1.2.0, < 2.0)
      rspec-support (~> 3.6.0)
    rspec-mocks (3.6.0)
      diff-lcs (>= 1.2.0, < 2.0)
      rspec-support (~> 3.6.0)
    rspec-support (3.6.0)
    sequel (4.46.0)
    sinatra (2.0.0)
      mustermann (~> 1.0)
      rack (~> 2.0)
      rack-protection (= 2.0.0)
      tilt (~> 2.0)
    temple (0.8.0)
    term-ansicolor (1.6.0)
      tins (~> 1.0)
    thin (1.7.0)
      daemons (~> 1.0, >= 1.0.9)
      eventmachine (~> 1.0, >= 1.0.4)
      rack (>= 1, < 3)
    thor (0.19.4)
    thread_safe (0.3.6)
    tilt (2.0.7)
    tins (1.14.0)
    tzinfo (1.2.3)
      thread_safe (~> 0.1)
    uber (0.0.15)
    versionomy (0.5.0)
      blockenspiel (~> 0.5)
    webmachine (1.4.0)
      as-notifications (~> 1.0)
      i18n (>= 0.4.0)
      multi_json
    webrick (1.3.1)

PLATFORMS
  ruby

DEPENDENCIES
  pact_broker
  pg
  thin

RUBY VERSION
   ruby 2.3.1p112

BUNDLED WITH
   1.12.0
